PATH
  remote: ..
  specs:
    stash-wrapper (0.1.12)
      thor (= 0.19.1)
      typesafe_enum (~> 0.1, >= 0.1.7)
      xml-mapping_extensions (~> 0.4, >= 0.4.2)
    stash_datacite (0.0.5)
      datacite-mapping (~> 0.2, >= 0.2.5)
      kaminari
      leaflet-rails
      rails (~> 4.2.4)
      responders (~> 2.0)
      rubyzip (>= 1.0.0)
      stash-wrapper
      stash_discovery
      stash_engine
    stash_discovery (0.0.2)
      blacklight (~> 6.5.0)
      config
      devise-guests (~> 0.5)
      geoblacklight (~> 1.1.2)
      jquery-rails (~> 4.1)
      rails (~> 4.2)
      rsolr
      sass-rails (~> 5.0)
      solr_wrapper
      thor (= 0.19.1)
      turbolinks
    stash_engine (0.0.17)
      amoeba (~> 3.0.0)
      carrierwave (~> 0.10.0)
      concurrent-ruby (~> 1.0)
      filesize (~> 0.1.1)
      font-awesome-rails
      httpclient (~> 2.8.3)
      jquery-fileupload-rails (~> 0.4.6)
      jquery-rails
      jquery-turbolinks (~> 2.1.0)
      jquery-ui-rails
      kaminari
      omniauth (~> 1.6.1)
      omniauth-google-oauth2 (~> 0.2.9)
      omniauth-orcid (~> 1.0.21)
      omniauth-shibboleth (~> 1.2.1)
      rails (~> 4.2.4)
      redcarpet (~> 3.3)
      sortable-table
      thor (= 0.19.1)
      wicked_pdf (~> 1.1.0)
      wkhtmltopdf-binary (~> 0.12.3.1)
      zeroclipboard-rails

GEM
  remote: https://rubygems.org/
  specs:
    actionmailer (4.2.8)
      actionpack (= 4.2.8)
      actionview (= 4.2.8)
      activejob (= 4.2.8)
      mail (~> 2.5, >= 2.5.4)
      rails-dom-testing (~> 1.0, >= 1.0.5)
    actionpack (4.2.8)
      actionview (= 4.2.8)
      activesupport (= 4.2.8)
      rack (~> 1.6)
      rack-test (~> 0.6.2)
      rails-dom-testing (~> 1.0, >= 1.0.5)
      rails-html-sanitizer (~> 1.0, >= 1.0.2)
    actionview (4.2.8)
      activesupport (= 4.2.8)
      builder (~> 3.1)
      erubis (~> 2.7.0)
      rails-dom-testing (~> 1.0, >= 1.0.5)
      rails-html-sanitizer (~> 1.0, >= 1.0.3)
    activejob (4.2.8)
      activesupport (= 4.2.8)
      globalid (>= 0.3.0)
    activemodel (4.2.8)
      activesupport (= 4.2.8)
      builder (~> 3.1)
    activerecord (4.2.8)
      activemodel (= 4.2.8)
      activesupport (= 4.2.8)
      arel (~> 6.0)
    activesupport (4.2.8)
      i18n (~> 0.7)
      minitest (~> 5.1)
      thread_safe (~> 0.3, >= 0.3.4)
      tzinfo (~> 1.1)
    addressable (2.5.1)
      public_suffix (~> 2.0, >= 2.0.2)
    amoeba (3.0.0)
      activerecord (>= 3.2.6)
    arel (6.0.4)
    ast (2.3.0)
    autoprefixer-rails (7.1.2.3)
      execjs
    bcrypt (3.1.11)
    blacklight (6.5.0)
      bootstrap-sass (~> 3.2)
      deprecation
      globalid
      kaminari (>= 0.15)
      nokogiri (~> 1.6)
      rails (>= 4.2, < 6)
      rsolr (~> 1.0, >= 1.0.6)
      twitter-typeahead-rails (= 0.11.1.pre.corejavascript)
    bootstrap-sass (3.3.7)
      autoprefixer-rails (>= 5.2.1)
      sass (>= 3.3.4)
    builder (3.2.3)
    carrierwave (0.10.0)
      activemodel (>= 3.2.0)
      activesupport (>= 3.2.0)
      json (>= 1.7)
      mime-types (>= 1.16)
    coderay (1.1.1)
    concurrent-ruby (1.0.5)
    config (1.4.0)
      activesupport (>= 3.0)
      deep_merge (~> 1.1.1)
    datacite-mapping (0.2.5)
      typesafe_enum (~> 0.1, >= 0.1.7)
      xml-mapping_extensions (~> 0.4, >= 0.4.7)
    deep_merge (1.1.1)
    deprecation (1.0.0)
      activesupport
    devise (4.3.0)
      bcrypt (~> 3.0)
      orm_adapter (~> 0.1)
      railties (>= 4.1.0, < 5.2)
      responders
      warden (~> 1.2.3)
    devise-guests (0.6.0)
      devise
    erubis (2.7.0)
    execjs (2.7.0)
    faraday (0.12.2)
      multipart-post (>= 1.2, < 3)
    ffi (1.9.18)
    filesize (0.1.1)
    font-awesome-rails (4.7.0.2)
      railties (>= 3.2, < 5.2)
    geoblacklight (1.1.2)
      blacklight (~> 6.3)
      coderay
      config
      deprecation
      faraday
      font-awesome-rails
      geoblacklight-icons (>= 0.2)
      leaflet-rails (~> 0.7.3)
      rails (>= 4.2.0, < 6)
    geoblacklight-icons (1.1.0)
    globalid (0.4.0)
      activesupport (>= 4.2.0)
    hashie (3.5.6)
    httpclient (2.8.3)
    i18n (0.8.6)
    jquery-fileupload-rails (0.4.7)
      actionpack (>= 3.1)
      railties (>= 3.1)
      sass (>= 3.2)
    jquery-rails (4.3.1)
      rails-dom-testing (>= 1, < 3)
      railties (>= 4.2.0)
      thor (>= 0.14, < 2.0)
    jquery-turbolinks (2.1.0)
      railties (>= 3.1.0)
      turbolinks
    jquery-ui-rails (6.0.1)
      railties (>= 3.2.16)
    json (2.1.0)
    jwt (1.5.6)
    kaminari (1.0.1)
      activesupport (>= 4.1.0)
      kaminari-actionview (= 1.0.1)
      kaminari-activerecord (= 1.0.1)
      kaminari-core (= 1.0.1)
    kaminari-actionview (1.0.1)
      actionview
      kaminari-core (= 1.0.1)
    kaminari-activerecord (1.0.1)
      activerecord
      kaminari-core (= 1.0.1)
    kaminari-core (1.0.1)
    leaflet-rails (0.7.7)
    loofah (2.0.3)
      nokogiri (>= 1.5.9)
    mail (2.6.6)
      mime-types (>= 1.16, < 4)
    mime-types (3.1)
      mime-types-data (~> 3.2015)
    mime-types-data (3.2016.0521)
    mini_portile2 (2.2.0)
    minitest (5.10.3)
    multi_json (1.12.1)
    multi_xml (0.6.0)
    multipart-post (2.0.0)
    mysql2 (0.4.6)
    nokogiri (1.8.0)
      mini_portile2 (~> 2.2.0)
    oauth2 (1.4.0)
      faraday (>= 0.8, < 0.13)
      jwt (~> 1.0)
      multi_json (~> 1.3)
      multi_xml (~> 0.5)
      rack (>= 1.2, < 3)
    omniauth (1.6.1)
      hashie (>= 3.4.6, < 3.6.0)
      rack (>= 1.6.2, < 3)
    omniauth-google-oauth2 (0.2.10)
      addressable (~> 2.3)
      jwt (~> 1.0)
      multi_json (~> 1.3)
      omniauth (>= 1.1.1)
      omniauth-oauth2 (~> 1.3.1)
    omniauth-oauth2 (1.3.1)
      oauth2 (~> 1.0)
      omniauth (~> 1.2)
    omniauth-orcid (1.0.38)
      omniauth-oauth2 (~> 1.3.1)
    omniauth-shibboleth (1.2.1)
      omniauth (>= 1.0.0)
    orm_adapter (0.5.0)
    parallel (1.12.0)
    parser (2.4.0.0)
      ast (~> 2.2)
    powerpack (0.1.1)
    public_suffix (2.0.5)
    rack (1.6.8)
    rack-test (0.6.3)
      rack (>= 1.0)
    rails (4.2.8)
      actionmailer (= 4.2.8)
      actionpack (= 4.2.8)
      actionview (= 4.2.8)
      activejob (= 4.2.8)
      activemodel (= 4.2.8)
      activerecord (= 4.2.8)
      activesupport (= 4.2.8)
      bundler (>= 1.3.0, < 2.0)
      railties (= 4.2.8)
      sprockets-rails
    rails-deprecated_sanitizer (1.0.3)
      activesupport (>= 4.2.0.alpha)
    rails-dom-testing (1.0.8)
      activesupport (>= 4.2.0.beta, < 5.0)
      nokogiri (~> 1.6)
      rails-deprecated_sanitizer (>= 1.0.1)
    rails-html-sanitizer (1.0.3)
      loofah (~> 2.0)
    railties (4.2.8)
      actionpack (= 4.2.8)
      activesupport (= 4.2.8)
      rake (>= 0.8.7)
      thor (>= 0.18.1, < 2.0)
    rainbow (2.2.2)
      rake
    rake (12.0.0)
    rb-fsevent (0.10.2)
    rb-inotify (0.9.10)
      ffi (>= 0.5.0, < 2)
    redcarpet (3.4.0)
    responders (2.4.0)
      actionpack (>= 4.2.0, < 5.3)
      railties (>= 4.2.0, < 5.3)
    retriable (3.0.2)
    rsolr (1.1.2)
      builder (>= 2.1.2)
    rubocop (0.49.1)
      parallel (~> 1.10)
      parser (>= 2.3.3.1, < 3.0)
      powerpack (~> 0.1)
      rainbow (>= 1.99.1, < 3.0)
      ruby-progressbar (~> 1.7)
      unicode-display_width (~> 1.0, >= 1.0.1)
    ruby-progressbar (1.8.1)
    rubyzip (1.2.1)
    sass (3.5.1)
      sass-listen (~> 4.0.0)
    sass-listen (4.0.0)
      rb-fsevent (~> 0.9, >= 0.9.4)
      rb-inotify (~> 0.9, >= 0.9.7)
    sass-rails (5.0.6)
      railties (>= 4.0.0, < 6)
      sass (~> 3.1)
      sprockets (>= 2.8, < 4.0)
      sprockets-rails (>= 2.0, < 4.0)
      tilt (>= 1.1, < 3)
    solr_wrapper (1.1.0)
      faraday
      retriable
      ruby-progressbar
      rubyzip
    sortable-table (0.1.1)
      actionpack (>= 3.0.0)
      activesupport (>= 3.0.0)
    sprockets (3.7.1)
      concurrent-ruby (~> 1.0)
      rack (> 1, < 3)
    sprockets-rails (3.2.0)
      actionpack (>= 4.0)
      activesupport (>= 4.0)
      sprockets (>= 3.0.0)
    thor (0.19.1)
    thread_safe (0.3.6)
    tilt (2.0.8)
    turbolinks (5.0.1)
      turbolinks-source (~> 5)
    turbolinks-source (5.0.3)
    twitter-typeahead-rails (0.11.1.pre.corejavascript)
      actionpack (>= 3.1)
      jquery-rails
      railties (>= 3.1)
    typesafe_enum (0.1.7)
    tzinfo (1.2.3)
      thread_safe (~> 0.1)
    unicode-display_width (1.3.0)
    warden (1.2.7)
      rack (>= 1.0)
    wicked_pdf (1.1.0)
    wkhtmltopdf-binary (0.12.3.1)
    xml-mapping (0.10.0)
    xml-mapping_extensions (0.4.8)
      mime-types (~> 3.0)
      typesafe_enum (~> 0.1, >= 0.1.5)
      xml-mapping (~> 0.10)
    zeroclipboard-rails (0.1.2)
      railties (>= 3.1)

PLATFORMS
  ruby

DEPENDENCIES
  mysql2 (~> 0.3)
  rsolr (~> 1.1)
  rubocop (~> 0.49)
  stash-wrapper!
  stash_datacite!
  stash_engine!

BUNDLED WITH
   1.15.1
